GIT
  remote: git://github.com/mxdavis/colorizr.git
  revision: 53831bff760935aa012c0511069642f3b9a2503e
  specs:
    colorizr (1.0.0)

GEM
  remote: https://rubygems.org/
  specs:
    minitest (5.9.0)

PLATFORMS
  ruby

DEPENDENCIES
  colorizr!
  minitest!

BUNDLED WITH
   1.12.5
